GEM
  remote: https://rubygems.org/
  specs:
    json (2.1.0)
    mini_portile2 (2.8.0)
    nokogiri (1.13.6)
      mini_portile2 (~> 2.8.0)
      racc (~> 1.4)
    racc (1.6.0)
    teresa (0.1.0)
      nokogiri (~> 1.5)

PLATFORMS
  ruby

DEPENDENCIES
  json
  teresa

BUNDLED WITH
   1.13.7
