GEM
  remote: https://rubygems.org/
  specs:
    json (2.1.0)
    mini_portile2 (2.6.1)
    nokogiri (1.12.5)
      mini_portile2 (~> 2.6.1)
      racc (~> 1.4)
    racc (1.5.2)
    teresa (0.1.0)
      nokogiri (~> 1.5)

PLATFORMS
  ruby

DEPENDENCIES
  json
  teresa

BUNDLED WITH
   1.13.7
