GEM
  remote: https://rubygems.org/
  specs:
    activesupport (6.1.7.1)
      concurrent-ruby (~> 1.0, >= 1.0.2)
      i18n (>= 1.6, < 2)
      minitest (>= 5.1)
      tzinfo (~> 2.0)
      zeitwerk (~> 2.3)
    awesome_print (1.8.0)
    concurrent-ruby (1.1.10)
    ethon (0.10.1)
      ffi (>= 1.3.0)
    ffi (1.9.18)
    httpclient (2.8.3)
    i18n (1.12.0)
      concurrent-ruby (~> 1.0)
    json (2.1.0)
    mini_portile2 (2.3.0)
    minitest (5.17.0)
    nokogiri (1.8.2)
      mini_portile2 (~> 2.3.0)
    typhoeus (1.3.0)
      ethon (>= 0.9.0)
    tzinfo (2.0.5)
      concurrent-ruby (~> 1.0)
    zeitwerk (2.6.6)

PLATFORMS
  ruby

DEPENDENCIES
  activesupport (= 6.1.7.1)
  awesome_print
  httpclient
  json
  nokogiri
  typhoeus

BUNDLED WITH
   1.13.7
